GEM
  remote: https://rubygems.org/
  specs:
    thin (1.8.1)
      rack (>= 1, < 3)
      eventmachine (~> 1.0, >= 1.0.4)
      daemons (~> 1.0, >= 1.0.9)
    rack (1.6.4)
    rack-protection (1.5.3)
      rack
    sinatra (1.4.7)
      rack (~> 1.5)
      rack-protection (~> 1.4)
      tilt (>= 1.3, < 3)
    tilt (2.0.4)


PLATFORMS
  ruby

DEPENDENCIES
  sinatra
