GEM
  remote: https://rubygems.org/
  specs:
    rack (2.2.4)
    rack-protection (2.2.0)
      rack
    sinatra (2.2.0)
      rack (~> 2.2)
      rack-protection (= 2.2.0)
      tilt (~> 2.0)
    tilt (2.0.10)

PLATFORMS
  ruby

DEPENDENCIES
  sinatra
